GEM
  remote: https://rubygems.org/
  specs:
    httpclient (2.6.0.1)
    json (1.8.1)

PLATFORMS
  ruby

DEPENDENCIES
  httpclient
  json
